GEM
  remote: http://rubygems.org/
  specs:
    bouncy-castle-java (1.5.0145.2)
    builder (3.0.0)
    excon (0.4.0)
    fog (0.4.0)
      builder
      excon (>= 0.3.7)
      formatador (>= 0.0.16)
      json
      mime-types
      net-ssh (>= 2.0.23)
      nokogiri (>= 1.4.4)
      ruby-hmac
    formatador (0.0.16)
    jruby-openssl (0.7.3)
      bouncy-castle-java
    json (1.4.6)
    json (1.4.6-java)
    mime-types (1.16)
    net-ssh (2.1.0)
    nokogiri (1.4.4)
    nokogiri (1.4.4-java)
      weakling (>= 0.0.3)
    ruby-hmac (0.4.0)
    weakling (0.0.4-java)

PLATFORMS
  java
  ruby

DEPENDENCIES
  fog
  jruby-openssl
  json
